GEM
  remote: http://rubygems.org/
  specs:
    abstract (1.0.0)
    actionmailer (3.0.6)
      actionpack (= 3.0.6)
      mail (~> 2.2.15)
    actionpack (3.0.6)
      activemodel (= 3.0.6)
      activesupport (= 3.0.6)
      builder (~> 2.1.2)
      erubis (~> 2.6.6)
      i18n (~> 0.5.0)
      rack (~> 1.2.1)
      rack-mount (~> 0.6.14)
      rack-test (~> 0.5.7)
      tzinfo (~> 0.3.23)
    activemodel (3.0.6)
      activesupport (= 3.0.6)
      builder (~> 2.1.2)
      i18n (~> 0.5.0)
    activerecord (3.0.6)
      activemodel (= 3.0.6)
      activesupport (= 3.0.6)
      arel (~> 2.0.2)
      tzinfo (~> 0.3.23)
    activeresource (3.0.6)
      activemodel (= 3.0.6)
      activesupport (= 3.0.6)
    activesupport (3.0.6)
    arel (2.0.10)
    authlogic (3.2.0)
      activerecord (>= 3.0.0)
      activesupport (>= 3.0.0)
    builder (2.1.2)
    calendar_date_select (1.16.1)
    chronic (0.6.7)
    commonjs (0.2.7)
    cucumber (0.6.4)
      builder (>= 2.1.2)
      diff-lcs (>= 1.1.2)
      json_pure (>= 1.2.0)
      polyglot (>= 0.2.9)
      term-ansicolor (>= 1.0.4)
      treetop (>= 1.4.2)
    cucumber-rails (0.3.0)
      cucumber (>= 0.6.2)
    daemons (1.0.10)
    database_cleaner (0.5.0)
    delayed_job (1.8.5)
    diff-lcs (1.2.5)
    docile (1.1.5)
    email_spec (0.6.2)
    erubis (2.6.6)
      abstract (>= 1.0.0)
    factory_girl (1.3.3)
    faker (0.3.1)
    fastercsv (1.5.5)
    formtastic (2.3.1)
      actionpack (>= 3.0)
    i18n (0.5.4)
    json_pure (1.8.1)
    less (2.6.0)
      commonjs (~> 0.2.7)
    libv8 (3.16.14.7)
    mail (2.2.20)
      activesupport (>= 2.3.6)
      i18n (>= 0.4.0)
      mime-types (~> 1.16)
      treetop (~> 1.4.8)
    mime-types (1.25.1)
    mimetype-fu (0.1.2)
    multi_json (1.10.1)
    nokogiri (1.4.1)
    polyglot (0.3.5)
    prawn (0.7.2)
      prawn-core (>= 0.7.2, < 0.8)
      prawn-layout (>= 0.7.2, < 0.8)
      prawn-security (>= 0.7.1, < 0.8)
    prawn-core (0.7.2)
    prawn-layout (0.7.2)
    prawn-security (0.7.1)
    rack (1.2.8)
    rack-mount (0.6.14)
      rack (>= 1.0.0)
    rack-test (0.5.7)
      rack (>= 1.0)
    rails (3.0.6)
      actionmailer (= 3.0.6)
      actionpack (= 3.0.6)
      activerecord (= 3.0.6)
      activeresource (= 3.0.6)
      activesupport (= 3.0.6)
      bundler (~> 1.0)
      railties (= 3.0.6)
    railties (3.0.6)
      actionpack (= 3.0.6)
      activesupport (= 3.0.6)
      rake (>= 0.8.7)
      thor (~> 0.14.4)
    rake (0.9.2)
    ref (1.0.5)
    rspec (1.3.2)
    rspec-rails (1.3.2)
      rack (>= 1.0.0)
      rspec (>= 1.3.0)
    ruby-ole (1.2.11.7)
    ruby-prof (0.15.1)
    ruby-progressbar (0.0.10)
    ruby-terminfo (0.1.1)
    simplecov (0.9.0)
      docile (~> 1.1.0)
      multi_json
      simplecov-html (~> 0.8.0)
    simplecov-html (0.8.0)
    spreadsheet (1.0.0)
      ruby-ole (>= 1.0)
    term-ansicolor (1.3.0)
      tins (~> 1.0)
    therubyracer (0.12.1)
      libv8 (~> 3.16.14.0)
      ref
    thor (0.14.6)
    timecop (0.3.4)
    tins (1.3.3)
    treetop (1.4.15)
      polyglot
      polyglot (>= 0.3.1)
    tzinfo (0.3.41)
    validates_as_email_address (0.2.4)
    webrat (0.7.3)
      nokogiri (>= 1.2.0)
      rack (>= 1.0)
      rack-test (>= 0.5.3)
    whenever (0.9.2)
      activesupport (>= 2.3.4)
      chronic (>= 0.6.3)
    will_paginate (3.0.7)

PLATFORMS
  ruby

DEPENDENCIES
  authlogic (~> 3.2.0)
  builder
  calendar_date_select (= 1.16.1)
  chronic (~> 0.6.3)
  cucumber (= 0.6.4)
  cucumber-rails (= 0.3.0)
  daemons (= 1.0.10)
  database_cleaner (= 0.5.0)
  delayed_job (= 1.8.5)
  diff-lcs
  email_spec (= 0.6.2)
  factory_girl (= 1.3.3)
  faker (= 0.3.1)
  fastercsv
  formtastic (~> 2.3.1)
  less
  mimetype-fu
  nokogiri (= 1.4.1)
  prawn (= 0.7.2)
  prawn-layout (= 0.7.2)
  rails (= 3.0.6)
  rake (= 0.9.2)
  rspec (= 1.3.2)
  rspec-rails (= 1.3.2)
  ruby-prof (~> 0.15.1)
  ruby-progressbar (= 0.0.10)
  ruby-terminfo (= 0.1.1)
  simplecov (~> 0.9.0)
  spreadsheet
  term-ansicolor
  therubyracer (~> 0.12.1)
  timecop (= 0.3.4)
  treetop
  validates_as_email_address
  webrat (= 0.7.3)
  whenever (~> 0.9.2)
  will_paginate (~> 3.0)
